PATH
  remote: .
  specs:
    resque-requeue_worker (0.0.1)

GEM
  remote: http://rubygems.org/
  remote: http://gems.github.com/
  specs:
    shoulda (2.11.3)

PLATFORMS
  ruby

DEPENDENCIES
  resque-requeue_worker!
  shoulda
